GIT
  remote: https://github.com/chef/chef_secrets
  revision: 9098dd3c3ea22c11cadd7ae0a86e69ee5a105bda
  specs:
    veil (0.3.0)
      bcrypt (~> 3.1)
      pbkdf2

GEM
  remote: http://rubygems.org/
  specs:
    bcrypt (3.1.12)
    pbkdf2 (0.1.0)
    pg (0.16.0)
    sequel (3.34.1)

PLATFORMS
  ruby

DEPENDENCIES
  pg (~> 0.16.0)
  sequel (~> 3.34.1)
  veil!

BUNDLED WITH
   1.16.2
